GEM
  remote: https://rubygems.org/
  specs:
    cinch (2.0.10)
    coderay (1.1.0)
    method_source (0.8.2)
    pry (0.9.12.3)
      coderay (~> 1.0)
      method_source (~> 0.8)
      slop (~> 3.4)
    rb-readline (0.5.0)
    slop (3.4.7)

PLATFORMS
  ruby

DEPENDENCIES
  cinch (~> 2.0)
  pry
  rb-readline
