GEM
  remote: https://rubygems.org/
  specs:
    cinch (2.0.2)
    coderay (1.0.9)
    faraday (0.8.8)
      multipart-post (~> 1.2.0)
    faraday_middleware (0.9.0)
      faraday (>= 0.7.4, < 0.9)
    json (1.8.1)
    method_source (0.8.2)
    mime-types (2.0)
    mini_portile (0.5.2)
    multipart-post (1.2.0)
    nokogiri (1.6.0)
      mini_portile (~> 0.5.0)
    oauth (0.4.7)
    pry (0.9.12.2)
      coderay (~> 1.0.5)
      method_source (~> 0.8)
      slop (~> 3.4)
    rb-readline (0.5.0)
    reverse_markdown (0.4.6)
      nokogiri
    simple_oauth (0.2.0)
    slop (3.4.6)
    tumblr_client (0.8.2)
      faraday (>= 0.8)
      faraday_middleware (>= 0.8)
      json
      mime-types
      oauth
      simple_oauth

PLATFORMS
  ruby

DEPENDENCIES
  cinch (~> 2.0)
  pry
  rb-readline
  reverse_markdown
  tumblr_client
